GEM
  remote: http://rubygems.org/
  specs:
    hpricot (0.8.4)
    xmpp4r (0.5)
    xmpp4r-simple (0.8.8)
      xmpp4r (>= 0.3.2)

PLATFORMS
  ruby

DEPENDENCIES
  hpricot
  xmpp4r-simple
